PATH
  remote: .
  specs:
    cassandra-driver (3.2.6)
      ione (~> 1.2)
      sorted_set (~> 1.0)

GEM
  remote: https://rubygems.org/
  specs:
    ansi (1.5.0)
    aruba (2.2.0)
      bundler (>= 1.17, < 3.0)
      contracts (>= 0.16.0, < 0.18.0)
      cucumber (>= 8.0, < 10.0)
      rspec-expectations (~> 3.4)
      thor (~> 1.0)
    ast (2.4.2)
    bigdecimal (3.1.8)
    bigdecimal (3.1.8-java)
    builder (3.3.0)
    byebug (11.1.3)
    chronic (0.10.2)
    cliver (0.3.2)
    contracts (0.17)
    cucumber (9.2.0)
      builder (~> 3.2)
      cucumber-ci-environment (> 9, < 11)
      cucumber-core (> 13, < 14)
      cucumber-cucumber-expressions (~> 17.0)
      cucumber-gherkin (> 24, < 28)
      cucumber-html-formatter (> 20.3, < 22)
      cucumber-messages (> 19, < 25)
      diff-lcs (~> 1.5)
      mini_mime (~> 1.1)
      multi_test (~> 1.1)
      sys-uname (~> 1.2)
    cucumber-ci-environment (10.0.1)
    cucumber-core (13.0.2)
      cucumber-gherkin (>= 27, < 28)
      cucumber-messages (>= 20, < 23)
      cucumber-tag-expressions (> 5, < 7)
    cucumber-cucumber-expressions (17.1.0)
      bigdecimal
    cucumber-gherkin (27.0.0)
      cucumber-messages (>= 19.1.4, < 23)
    cucumber-html-formatter (21.4.0)
      cucumber-messages (> 19, < 25)
    cucumber-messages (22.0.0)
    cucumber-tag-expressions (6.1.0)
    delorean (2.1.0)
      chronic
    diff-lcs (1.5.1)
    docile (1.4.0)
    ffi (1.17.0)
    ffi (1.17.0-java)
    ione (1.2.5)
    lz4-ruby (0.3.3)
    lz4-ruby (0.3.3-java)
    mini_mime (1.1.5)
    minitest (4.7.5)
    multi_test (1.1.0)
    os (1.1.4)
    parallel (1.25.1)
    parser (3.3.3.0)
      ast (~> 2.4.1)
      racc
    perftools.rb (2.0.5)
    racc (1.8.0)
    racc (1.8.0-java)
    rainbow (3.1.1)
    rake (13.2.1)
    rake-compiler (1.2.7)
      rake
    rbtree (0.4.6)
    regexp_parser (2.9.2)
    rexml (3.3.1)
      strscan
    rspec (3.13.0)
      rspec-core (~> 3.13.0)
      rspec-expectations (~> 3.13.0)
      rspec-mocks (~> 3.13.0)
    rspec-collection_matchers (1.2.1)
      rspec-expectations (>= 2.99.0.beta1)
    rspec-core (3.13.0)
      rspec-support (~> 3.13.0)
    rspec-expectations (3.13.1)
      diff-lcs (>= 1.2.0, < 2.0)
      rspec-support (~> 3.13.0)
    rspec-mocks (3.13.1)
      diff-lcs (>= 1.2.0, < 2.0)
      rspec-support (~> 3.13.0)
    rspec-support (3.13.1)
    rspec-wait (1.0.1)
      rspec (>= 3.4)
    rubocop (0.93.1)
      parallel (~> 1.10)
      parser (>= 2.7.1.5)
      rainbow (>= 2.2.2, < 4.0)
      regexp_parser (>= 1.8)
      rexml
      rubocop-ast (>= 0.6.0)
      ruby-progressbar (~> 1.7)
      unicode-display_width (>= 1.4.0, < 2.0)
    rubocop-ast (1.31.3)
      parser (>= 3.3.1.0)
    ruby-progressbar (1.13.0)
    set (1.1.0)
    simplecov (0.22.0)
      docile (~> 1.1)
      simplecov-html (~> 0.11)
      simplecov_json_formatter (~> 0.1)
    simplecov-html (0.12.3)
    simplecov_json_formatter (0.1.4)
    snappy (0.4.0)
    snappy (0.4.0-java)
      snappy-jars (~> 1.1.0)
    snappy-jars (1.1.0.1.2-java)
    sorted_set (1.0.3)
      rbtree
      set (~> 1.0)
    sorted_set (1.0.3-java)
    strscan (3.1.0)
    strscan (3.1.0-java)
    sys-uname (1.3.0)
      ffi (~> 1.1)
    thor (1.3.1)
    unicode-display_width (1.8.0)
    yard (0.9.36)

PLATFORMS
  java
  ruby

DEPENDENCIES
  ansi
  aruba
  bundler (~> 1.6)
  byebug
  cassandra-driver!
  cliver
  cucumber
  delorean
  lz4-ruby
  minitest (< 5.0.0)
  os
  perftools.rb
  rake (~> 13.0)
  rake-compiler
  rspec
  rspec-collection_matchers
  rspec-wait
  rubocop (~> 0.51)
  simplecov
  snappy
  yard

BUNDLED WITH
   1.17.3
